GEM
  remote: http://rubygems.org/
  specs:
    bson (1.9.2)
    bson_ext (1.9.2)
      bson (~> 1.9.2)
    cinch (2.0.12)
    cinch-cooldown (1.1.2)
      cinch (~> 2.0.12)
      time-lord (~> 1.0.1)
    cinch-identify (1.5.1)
      cinch (~> 2.0)
    cinch-toolbox (1.1.2)
      nokogiri (~> 1.6.0)
      patron (~> 0.4.18)
    cinch-urbandict (1.0.3)
      cinch (~> 2.0.12)
      cinch-cooldown (~> 1.1.1)
      cinch-toolbox (~> 1.1.0)
    cinch-url-scraper (1.1.0)
      cinch (~> 2)
      mechanize (~> 2)
    cinch-wikipedia (1.0.3)
      cinch (~> 2.0.12)
      cinch-cooldown (~> 1.1.1)
      cinch-toolbox (~> 1.1.0)
    cleverbot (0.2.0)
      httparty (>= 0.8.1, < 1.0)
    domain_name (0.5.16)
      unf (>= 0.0.5, < 1.0.0)
    http-cookie (1.0.2)
      domain_name (~> 0.5)
    httparty (0.13.0)
      json (~> 1.8)
      multi_xml (>= 0.5.2)
    json (1.8.1)
    mechanize (2.7.3)
      domain_name (~> 0.5, >= 0.5.1)
      http-cookie (~> 1.0)
      mime-types (~> 2.0)
      net-http-digest_auth (~> 1.1, >= 1.1.1)
      net-http-persistent (~> 2.5, >= 2.5.2)
      nokogiri (~> 1.4)
      ntlm-http (~> 0.1, >= 0.1.1)
      webrobots (>= 0.0.9, < 0.2)
    mime-types (2.1)
    mini_portile (0.5.2)
    mongo (1.9.2)
      bson (~> 1.9.2)
    multi_xml (0.5.5)
    net-http-digest_auth (1.4)
    net-http-persistent (2.9.4)
    nokogiri (1.6.1)
      mini_portile (~> 0.5.0)
    ntlm-http (0.1.1)
    patron (0.4.18)
    time-lord (1.0.1)
    unf (0.1.3)
      unf_ext
    unf_ext (0.0.6)
    webrobots (0.1.1)

PLATFORMS
  ruby

DEPENDENCIES
  bson_ext (~> 1.9.2)
  cinch (~> 2.0.12)
  cinch-identify (~> 1.5.1)
  cinch-urbandict (~> 1.0.3)
  cinch-url-scraper (~> 1.1.0)
  cinch-wikipedia (~> 1.0.3)
  cleverbot (~> 0.2.0)
  mongo (~> 1.9.2)
