GEM
  remote: http://rubygems.org/
  specs:
    bson (1.9.0)
    bson_ext (1.9.0)
      bson (~> 1.9.0)
    cinch (2.0.5)
    cinch-identify (1.4.1)
      cinch (~> 2.0)
    cinch-urbandictionary (0.10.0)
      cinch (~> 2.0)
      nokogiri (>= 1.4.4)
    cinch-url-scraper (1.1.0)
      cinch (~> 2)
      mechanize (~> 2)
    cleverbot (0.1.1)
      httparty (~> 0.8.0)
    domain_name (0.5.12)
      unf (>= 0.0.5, < 1.0.0)
    http-cookie (1.0.1)
      domain_name (~> 0.5)
    httparty (0.8.3)
      multi_json (~> 1.0)
      multi_xml
    mechanize (2.7.1)
      domain_name (~> 0.5, >= 0.5.1)
      http-cookie (~> 1.0.0)
      mime-types (~> 1.17, >= 1.17.2)
      net-http-digest_auth (~> 1.1, >= 1.1.1)
      net-http-persistent (~> 2.5, >= 2.5.2)
      nokogiri (~> 1.4)
      ntlm-http (~> 0.1, >= 0.1.1)
      webrobots (>= 0.0.9, < 0.2)
    mime-types (1.23)
    mini_portile (0.5.0)
    mongo (1.9.0)
      bson (~> 1.9.0)
    multi_json (1.7.7)
    multi_xml (0.5.4)
    net-http-digest_auth (1.3)
    net-http-persistent (2.8)
    nokogiri (1.6.0)
      mini_portile (~> 0.5.0)
    ntlm-http (0.1.1)
    unf (0.1.1)
      unf_ext
    unf_ext (0.0.6)
    webrobots (0.1.1)

PLATFORMS
  ruby

DEPENDENCIES
  bson_ext
  cinch (~> 2.0.5)
  cinch-identify (~> 1.4.1)
  cinch-urbandictionary (~> 0.10.0)
  cinch-url-scraper (~> 1.1.0)
  cleverbot (~> 0.1.1)
  mongo
